GEM
  remote: https://rubygems.org/
  specs:
    coderay (1.1.0)
    excon (0.45.3)
    method_source (0.8.2)
    pry (0.10.1)
      coderay (~> 1.1.0)
      method_source (~> 0.8.1)
      slop (~> 3.4)
    slop (3.6.0)
    spotify-client (0.0.8)
      excon (~> 0.37)

PLATFORMS
  ruby

DEPENDENCIES
  pry
  spotify-client
