GIT
  remote: git://github.com/X0nic/spotify-client.git
  revision: 8604460614404ec38dc4f5f8ff34fbe09ad1fb18
  branch: add-library
  specs:
    spotify-client (0.0.8)
      excon (~> 0.37)

PATH
  remote: .
  specs:
    spotify-music-importer (0.0.1)

GEM
  remote: https://rubygems.org/
  specs:
    coderay (1.1.0)
    colorize (0.7.7)
    excon (0.45.3)
    method_source (0.8.2)
    pry (0.10.1)
      coderay (~> 1.1.0)
      method_source (~> 0.8.1)
      slop (~> 3.4)
    rake (10.1.0)
    slop (3.6.0)

PLATFORMS
  ruby

DEPENDENCIES
  bundler (~> 1.7)
  colorize
  pry
  rake (~> 10.0)
  spotify-client!
  spotify-music-importer!
